PATH
  remote: .
  specs:
    elasticsearch-serverless (0.0.1)
      elastic-transport

GEM
  remote: https://rubygems.org/
  specs:
    elastic-transport (8.2.1)
      faraday (< 3)
      multi_json
    faraday (2.7.4)
      faraday-net_http (>= 2.0, < 3.1)
      ruby2_keywords (>= 0.0.4)
    faraday-net_http (3.0.2)
    multi_json (1.15.0)
    rake (13.0.6)
    ruby2_keywords (0.0.5)

PLATFORMS
  x86_64-linux

DEPENDENCIES
  elasticsearch-serverless!
  rake

BUNDLED WITH
   2.4.10
